GEM
  remote: https://rubygems.org/
  specs:
    ansi (1.5.0)
    ast (2.2.0)
    axlsx (2.1.0.pre)
      htmlentities (~> 4.3.1)
      nokogiri (>= 1.4.1)
      rubyzip (~> 1.1.7)
    byebug (4.0.3)
      columnize (= 0.9.0)
    columnize (0.9.0)
    hashie (3.4.3)
    htmlentities (4.3.4)
    httparty (0.13.7)
      json (~> 1.8)
      multi_xml (>= 0.5.2)
    json (1.8.3)
    mini_portile2 (2.0.0)
    multi_xml (0.5.5)
    nokogiri (1.6.7.2)
      mini_portile2 (~> 2.0.0.rc2)
    oga (2.2)
      ast
      ruby-ll (~> 2.1)
    roo (2.3.2)
      nokogiri (~> 1)
      rubyzip (~> 1.1, < 2.0.0)
    ruby-ll (2.1.2)
      ansi
      ast
    rubyzip (1.1.7)

PLATFORMS
  ruby

DEPENDENCIES
  axlsx (~> 2.1.0.pre)
  byebug
  hashie
  httparty
  oga
  roo

BUNDLED WITH
   1.11.2
